PATH
  remote: .
  specs:
    recurly (2.2.0)

GEM
  remote: https://rubygems.org/
  specs:
    addressable (2.2.6)
    bouncy-castle-java (1.5.0146.1)
    crack (0.3.1)
    jruby-openssl (0.7.4)
      bouncy-castle-java
    minitest (2.6.1)
    nokogiri (1.5.0)
    nokogiri (1.5.0-java)
    rake (0.9.2)
    redcarpet (1.17.2)
    webmock (1.7.6)
      addressable (~> 2.2, > 2.2.5)
      crack (>= 0.1.7)
    yard (0.7.3)

PLATFORMS
  java
  ruby

DEPENDENCIES
  jruby-openssl (~> 0.7.4)
  minitest (~> 2.6.1)
  nokogiri (~> 1.5.0)
  rake (~> 0.9.2)
  recurly!
  redcarpet
  webmock (~> 1.7.6)
  yard
